GEM
  remote: https://rubygems.org/
  specs:
    diff-lcs (1.3)
    rspec (3.7.0)
      rspec-core (~> 3.7.0)
      rspec-expectations (~> 3.7.0)
      rspec-mocks (~> 3.7.0)
    rspec-core (3.7.1)
      rspec-support (~> 3.7.0)
    rspec-expectations (3.7.0)
      diff-lcs (>= 1.2.0, < 2.0)
      rspec-support (~> 3.7.0)
    rspec-mocks (3.7.0)
      diff-lcs (>= 1.2.0, < 2.0)
      rspec-support (~> 3.7.0)
    rspec-support (3.7.1)
    tadb (0.3.3)
    tuples (0.1.0)

PLATFORMS
  ruby
  x64-mingw32

DEPENDENCIES
  rspec
  tadb (= 0.3.3)
  tuples

BUNDLED WITH
   1.17.2
